PATH
  remote: .
  specs:
    ec2 (0.2)
      activesupport
      addressable
      hpricot
      nokogiri

GEM
  remote: http://rubygems.org/
  specs:
    activesupport (3.2.8)
      i18n (~> 0.6)
      multi_json (~> 1.0)
    addressable (2.3.2)
    diff-lcs (1.1.3)
    guard (1.4.0)
      listen (>= 0.4.2)
      thor (>= 0.14.6)
    guard-rspec (1.2.1)
      guard (>= 1.1)
    hpricot (0.8.6)
    i18n (0.6.0)
    listen (0.5.3)
    metaclass (0.0.1)
    mocha (0.12.7)
      metaclass (~> 0.0.1)
    multi_json (1.3.6)
    nokogiri (1.5.5)
    rake (10.0.1)
    redcarpet (2.1.1)
    rspec (2.11.0)
      rspec-core (~> 2.11.0)
      rspec-expectations (~> 2.11.0)
      rspec-mocks (~> 2.11.0)
    rspec-core (2.11.1)
    rspec-expectations (2.11.3)
      diff-lcs (~> 1.1.3)
    rspec-mocks (2.11.3)
    thor (0.16.0)
    yard (0.8.2.1)

PLATFORMS
  ruby

DEPENDENCIES
  ec2!
  guard (~> 1.2)
  guard-rspec (~> 1.2)
  mocha (~> 0.12)
  rake
  redcarpet (~> 2.1)
  rspec (~> 2.11)
  yard (~> 0.8)
